PATH
  remote: .
  specs:
    foreman (0.87.1)

GEM
  remote: http://rubygems.org/
  specs:
    automatiek (0.3.0)
    aws-s3 (0.6.3)
      builder
      mime-types
      xml-simple
    builder (3.2.4)
    codeclimate-test-reporter (1.0.7)
      simplecov
    diff-lcs (1.3)
    docile (1.3.2)
    fakefs (0.10.2)
    hpricot (0.8.6)
    mime-types (3.3.1)
      mime-types-data (~> 3.2015)
    mime-types-data (3.2019.1009)
    mustache (1.1.1)
    rake (13.0.1)
    rdiscount (2.2.0.1)
    ronn (0.7.3)
      hpricot (>= 0.8.2)
      mustache (>= 0.7.0)
      rdiscount (>= 1.5.8)
    rspec (3.9.0)
      rspec-core (~> 3.9.0)
      rspec-expectations (~> 3.9.0)
      rspec-mocks (~> 3.9.0)
    rspec-core (3.9.1)
      rspec-support (~> 3.9.1)
    rspec-expectations (3.9.1)
      diff-lcs (>= 1.2.0, < 2.0)
      rspec-support (~> 3.9.0)
    rspec-mocks (3.9.1)
      diff-lcs (>= 1.2.0, < 2.0)
      rspec-support (~> 3.9.0)
    rspec-support (3.9.2)
    simplecov (0.18.5)
      docile (~> 1.1)
      simplecov-html (~> 0.11)
    simplecov-html (0.12.2)
    thor (0.19.4)
    timecop (0.9.1)
    xml-simple (1.1.5)
    yard (0.9.24)

PLATFORMS
  ruby

DEPENDENCIES
  automatiek
  aws-s3
  codeclimate-test-reporter
  fakefs (~> 0.10.0)
  foreman!
  rake
  ronn
  rspec (~> 3.5)
  simplecov
  thor (= 0.19.4)
  timecop
  yard (~> 0.9.11)

BUNDLED WITH
   2.1.4
